GEM
  remote: https://rubygems.org/
  specs:
    activemodel (3.0.20)
      activesupport (= 3.0.20)
      builder (~> 2.1.2)
      i18n (~> 0.5.0)
    activerecord (3.0.20)
      activemodel (= 3.0.20)
      activesupport (= 3.0.20)
      arel (~> 2.0.10)
      tzinfo (~> 0.3.23)
    activesupport (3.0.20)
    arel (2.0.10)
    builder (2.1.2)
    coderay (1.1.0)
    couchrest (1.2.0)
      mime-types (~> 1.15)
      multi_json (~> 1.0)
      rest-client (~> 1.6.1)
    diff-lcs (1.1.3)
    facter (1.7.6)
    hiera (1.3.4)
      json_pure
    i18n (0.5.4)
    json_pure (1.8.2)
    metaclass (0.0.4)
    method_source (0.8.2)
    mime-types (1.25.1)
    mocha (0.10.5)
      metaclass (~> 0.0.1)
    multi_json (1.11.1)
    net-ssh (2.9.2)
    pry (0.10.1)
      coderay (~> 1.1.0)
      method_source (~> 0.8.1)
      slop (~> 3.4)
    puppet (3.3.2)
      facter (~> 1.6)
      hiera (~> 1.0)
      rgen (~> 0.6.5)
    puppet-lint (1.1.0)
    puppet-syntax (2.0.0)
      rake
    puppetlabs_spec_helper (0.10.3)
      mocha
      puppet-lint
      puppet-syntax
      rake
      rspec-puppet
    racc (1.4.9)
    rack (1.6.4)
    rake (12.3.3)
    redcarpet (2.3.0)
    rest-client (1.6.9)
      mime-types (~> 1.16)
    rgen (0.6.5)
    rspec (2.11.0)
      rspec-core (~> 2.11.0)
      rspec-expectations (~> 2.11.0)
      rspec-mocks (~> 2.11.0)
    rspec-core (2.11.1)
    rspec-expectations (2.11.3)
      diff-lcs (~> 1.1.3)
    rspec-mocks (2.11.3)
    rspec-puppet (2.2.0)
      rspec
    slop (3.6.0)
    sqlite3 (1.3.10)
    stomp (1.3.4)
    tzinfo (0.3.44)
    yard (0.8.7.6)
    yarjuf (1.0.5)
      builder
      rspec (>= 2.0)

PLATFORMS
  ruby

DEPENDENCIES
  activerecord (~> 3.0.7)
  couchrest (~> 1.0)
  facter (~> 1.6)
  ffi (= 1.9.0)
  hiera (~> 1.0)
  minitar (= 0.5.4)
  mocha (~> 0.10.5)
  net-ssh (~> 2.1)
  pry
  puppet (= 3.3.2)
  puppetlabs_spec_helper
  racc (= 1.4.9)
  rack (~> 1.4)
  rake
  redcarpet (~> 2.0)
  rgen (= 0.6.5)
  rspec (~> 2.11.0)
  sqlite3
  stomp
  sys-admin (= 1.5.6)
  tzinfo
  win32-api (= 1.4.8)
  win32-dir (= 0.4.3)
  win32-eventlog (= 0.5.3)
  win32-process (= 0.6.5)
  win32-security (= 0.1.4)
  win32-service (= 0.7.2)
  win32-taskscheduler (= 0.2.2)
  win32console (= 1.3.2)
  windows-api (= 0.4.2)
  windows-pr (= 1.2.2)
  yard
  yarjuf (~> 1.0)
